GIT
  remote: https://github.com/Shopify/liquid-c.git
  revision: 5a786af7284df55e013ea20551c4b688d02e8326
  ref: main
  specs:
    liquid-c (4.2.0)
      liquid (>= 5.0.1)

PATH
  remote: .
  specs:
    liquid (5.5.0)

GEM
  remote: https://rubygems.org/
  specs:
    ast (2.4.2)
    benchmark-ips (2.13.0)
    debug (1.9.2)
      irb (~> 1.10)
      reline (>= 0.3.8)
    io-console (0.7.2)
    irb (1.13.1)
      rdoc (>= 4.0.0)
      reline (>= 0.4.2)
    json (2.7.2)
    language_server-protocol (3.17.0.3)
    memory_profiler (1.0.1)
    minitest (5.22.3)
    parallel (1.24.0)
    parser (3.3.0.5)
      ast (~> 2.4.1)
      racc
    psych (5.1.2)
      stringio
    racc (1.7.3)
    rainbow (3.1.1)
    rake (13.2.1)
    rdoc (6.7.0)
      psych (>= 4.0.0)
    regexp_parser (2.9.0)
    reline (0.5.8)
      io-console (~> 0.5)
    rexml (3.2.6)
    rubocop (1.61.0)
      json (~> 2.3)
      language_server-protocol (>= 3.17.0)
      parallel (~> 1.10)
      parser (>= 3.3.0.2)
      rainbow (>= 2.2.2, < 4.0)
      regexp_parser (>= 1.8, < 3.0)
      rexml (>= 3.2.5, < 4.0)
      rubocop-ast (>= 1.30.0, < 2.0)
      ruby-progressbar (~> 1.7)
      unicode-display_width (>= 2.4.0, < 3.0)
    rubocop-ast (1.31.2)
      parser (>= 3.3.0.4)
    rubocop-performance (1.19.1)
      rubocop (>= 1.7.0, < 2.0)
      rubocop-ast (>= 0.4.0)
    rubocop-shopify (2.12.0)
      rubocop (~> 1.44)
    ruby-progressbar (1.13.0)
    stackprof (0.2.26)
    stringio (3.1.0)
    terminal-table (3.0.2)
      unicode-display_width (>= 1.1.1, < 3)
    unicode-display_width (2.5.0)
    vernier (1.0.1)

PLATFORMS
  ruby

DEPENDENCIES
  benchmark-ips
  debug (~> 1.9)
  liquid!
  liquid-c!
  memory_profiler
  minitest
  rake (~> 13.0)
  rubocop (~> 1.61.0)
  rubocop-performance
  rubocop-shopify (~> 2.12.0)
  stackprof
  terminal-table
  vernier (~> 1.0)

BUNDLED WITH
   2.5.7
